GIT
  remote: https://github.com/willbryant/ruby-pg.git
  revision: cbec7ca80370601a6e5070da8ebcd894431b23c0
  specs:
    pg (0.16.0)

GEM
  remote: https://rubygems.org/
  specs:
    msgpack (0.5.9)
    mysql2 (0.3.15)

PLATFORMS
  ruby

DEPENDENCIES
  msgpack
  mysql2
  pg!
