GIT
  remote: https://github.com/willbryant/ruby-pg.git
  revision: cbec7ca80370601a6e5070da8ebcd894431b23c0
  specs:
    pg (0.16.0)

GEM
  remote: https://rubygems.org/
  specs:
    msgpack (1.2.3)
    mysql2 (0.5.1)
    power_assert (0.2.6)
    ruby-xxHash (0.4.0.1)
    test-unit (3.1.5)
      power_assert

PLATFORMS
  ruby

DEPENDENCIES
  msgpack
  mysql2
  pg!
  ruby-xxHash
  test-unit

BUNDLED WITH
   1.16.3
