GEM
  remote: https://rubygems.org/
  specs:
    msgpack (1.2.4)
    mysql2 (0.5.2)
    pg (1.1.3)
    power_assert (1.1.3)
    ruby-xxHash (0.4.0.1)
    test-unit (3.2.8)
      power_assert

PLATFORMS
  ruby

DEPENDENCIES
  msgpack
  mysql2
  pg
  ruby-xxHash
  test-unit

BUNDLED WITH
   1.16.4
